GEM
  remote: http://rubygems.org/
  specs:
    chipmunk (5.3.4.5)
    diff-lcs (1.1.3)
    ffi (1.0.11)
    gosu (0.7.45)
    guard (1.0.1)
      ffi (>= 0.5.0)
      thor (~> 0.14.6)
    guard-rspec (0.7.0)
      guard (>= 0.10.0)
    rspec (2.9.0)
      rspec-core (~> 2.9.0)
      rspec-expectations (~> 2.9.0)
      rspec-mocks (~> 2.9.0)
    rspec-core (2.9.0)
    rspec-expectations (2.9.1)
      diff-lcs (~> 1.1.3)
    rspec-mocks (2.9.0)
    thor (0.14.6)

PLATFORMS
  ruby

DEPENDENCIES
  chipmunk (= 5.3.4.5)
  gosu (= 0.7.45)
  guard-rspec (= 0.7.0)
  rspec (= 2.9.0)
